GIT
  remote: git://github.com/pawelniewie/rack-cors.git
  revision: 9fa8f7a3f164b33b2eb7b62e9b08b7f62251d80b
  specs:
    rack-cors (0.2.9)

GIT
  remote: git://github.com/pawelniewie/split.git
  revision: 18f35909ec7330eaf7e77c125e87d383cf65504c
  specs:
    split (0.6.5)
      redis (>= 2.1)
      redis-namespace (>= 1.1.0)
      simple-random
      sinatra (>= 1.2.6)

GEM
  remote: https://rubygems.org/
  specs:
    activemodel (3.1.12)
      activesupport (= 3.1.12)
      builder (~> 3.0.0)
      i18n (~> 0.6)
    activesupport (3.1.12)
      multi_json (~> 1.0)
    backports (3.3.4)
    bson (1.9.2)
    bson_ext (1.9.2)
      bson (~> 1.9.2)
    builder (3.0.4)
    chunky_png (1.2.8)
    closure-compiler (1.1.10)
    compass (0.12.2)
      chunky_png (~> 1.2)
      fssm (>= 0.2.7)
      sass (~> 3.1)
    csso-rails (0.3.2)
      execjs (>= 1)
    excon (0.27.6)
    execjs (2.0.2)
    faraday (0.8.8)
      multipart-post (~> 1.2.0)
    fssm (0.2.10)
    haml (4.0.3)
      tilt
    hike (1.2.3)
    httpauth (0.2.0)
    i18n (0.6.5)
    intercom (0.1.17)
    json (1.8.1)
    jwt (0.1.8)
      multi_json (>= 1.5)
    mandrill-api (1.0.49)
      excon (>= 0.16.0, < 1.0)
      json (>= 1.7.7, < 2.0)
    mongo (1.9.2)
      bson (~> 1.9.2)
    mongoid (3.0.23)
      activemodel (~> 3.1)
      moped (~> 1.2)
      origin (~> 1.0)
      tzinfo (~> 0.3.22)
    moped (1.5.1)
    multi_json (1.8.1)
    multi_xml (0.5.5)
    multipart-post (1.2.0)
    newrelic_rpm (3.6.8.164)
    oauth2 (0.9.2)
      faraday (~> 0.8)
      httpauth (~> 0.2)
      jwt (~> 0.1.4)
      multi_json (~> 1.0)
      multi_xml (~> 0.5)
      rack (~> 1.2)
    origin (1.1.0)
    puma (2.6.0)
      rack (>= 1.1, < 2.0)
    rack (1.5.2)
    rack-google-analytics (0.12.0)
    rack-protection (1.5.0)
      rack
    rack-test (0.6.2)
      rack (>= 1.0)
    rack_csrf (2.4.0)
      rack (>= 0.9)
    redis (3.0.5)
    redis-namespace (1.3.1)
      redis (~> 3.0.0)
    sass (3.2.12)
    simple-random (0.9.3)
    sinatra (1.4.3)
      rack (~> 1.4)
      rack-protection (~> 1.4)
      tilt (~> 1.3, >= 1.3.4)
    sinatra-contrib (1.4.1)
      backports (>= 2.0)
      multi_json
      rack-protection
      rack-test
      sinatra (~> 1.4.0)
      tilt (~> 1.3)
    sinatra-reloader (1.0)
      sinatra-contrib
    sinatra-support (1.2.2)
      sinatra (>= 1.0)
    sprockets (2.10.0)
      hike (~> 1.2)
      multi_json (~> 1.0)
      rack (~> 1.0)
      tilt (~> 1.1, != 1.3.0)
    sprockets-helpers (1.0.1)
      sprockets (~> 2.0)
    sprockets-sass (1.0.2)
      sprockets (~> 2.0)
      tilt (~> 1.1)
    tilt (1.4.1)
    tzinfo (0.3.38)

PLATFORMS
  ruby

DEPENDENCIES
  activesupport (~> 3.1.0)
  bson_ext
  closure-compiler
  compass
  csso-rails
  haml
  intercom
  mandrill-api
  mongo
  mongoid (~> 3.0.0)
  newrelic_rpm
  oauth2
  puma
  rack-cors!
  rack-google-analytics
  rack_csrf
  sass
  sinatra
  sinatra-contrib
  sinatra-reloader
  sinatra-support
  split!
  sprockets
  sprockets-helpers
  sprockets-sass
