GIT
  remote: git://github.com/pawelniewie/split.git
  revision: 18f35909ec7330eaf7e77c125e87d383cf65504c
  specs:
    split (0.6.5)
      redis (>= 2.1)
      redis-namespace (>= 1.1.0)
      simple-random
      sinatra (>= 1.2.6)

GEM
  remote: https://rubygems.org/
  specs:
    activesupport (4.0.0)
      i18n (~> 0.6, >= 0.6.4)
      minitest (~> 4.2)
      multi_json (~> 1.3)
      thread_safe (~> 0.1)
      tzinfo (~> 0.3.37)
    atomic (1.1.14)
    backports (3.3.4)
    chunky_png (1.2.8)
    closure-compiler (1.1.10)
    compass (0.12.2)
      chunky_png (~> 1.2)
      fssm (>= 0.2.7)
      sass (~> 3.1)
    csso-rails (0.3.2)
      execjs (>= 1)
    execjs (2.0.2)
    fssm (0.2.10)
    gibbon (1.0.4)
      httparty
      multi_json (>= 1.3.4)
    haml (4.0.3)
      tilt
    hike (1.2.3)
    httparty (0.11.0)
      multi_json (~> 1.0)
      multi_xml (>= 0.5.2)
    i18n (0.6.5)
    minitest (4.7.5)
    multi_json (1.8.1)
    multi_xml (0.5.5)
    puma (2.6.0)
      rack (>= 1.1, < 2.0)
    rack (1.5.2)
    rack-google-analytics (0.12.0)
    rack-protection (1.5.0)
      rack
    rack-test (0.6.2)
      rack (>= 1.0)
    redis (3.0.5)
    redis-namespace (1.3.1)
      redis (~> 3.0.0)
    sass (3.2.12)
    simple-random (0.9.3)
    sinatra (1.4.3)
      rack (~> 1.4)
      rack-protection (~> 1.4)
      tilt (~> 1.3, >= 1.3.4)
    sinatra-contrib (1.4.1)
      backports (>= 2.0)
      multi_json
      rack-protection
      rack-test
      sinatra (~> 1.4.0)
      tilt (~> 1.3)
    sinatra-reloader (1.0)
      sinatra-contrib
    sinatra-support (1.2.2)
      sinatra (>= 1.0)
    sprockets (2.10.0)
      hike (~> 1.2)
      multi_json (~> 1.0)
      rack (~> 1.0)
      tilt (~> 1.1, != 1.3.0)
    sprockets-helpers (1.0.1)
      sprockets (~> 2.0)
    sprockets-sass (1.0.2)
      sprockets (~> 2.0)
      tilt (~> 1.1)
    thread_safe (0.1.3)
      atomic
    tilt (1.4.1)
    tzinfo (0.3.37)
    yui-compressor (0.12.0)

PLATFORMS
  ruby

DEPENDENCIES
  activesupport
  closure-compiler
  compass
  csso-rails
  gibbon
  haml
  puma
  rack-google-analytics
  sass
  sinatra
  sinatra-contrib
  sinatra-reloader
  sinatra-support
  split!
  sprockets
  sprockets-helpers
  sprockets-sass
  yui-compressor
