GIT
  remote: git://github.com/andrew/split.git
  revision: 08f61e3897bc84e6100a19ca38316f840957e221
  specs:
    split (0.6.5)
      redis (>= 2.1)
      redis-namespace (>= 1.1.0)
      simple-random
      sinatra (>= 1.2.6)

GEM
  remote: https://rubygems.org/
  specs:
    backports (3.3.4)
    eventmachine (1.0.3)
    haml (4.0.3)
      tilt
    hominid (3.0.5)
    puma (2.6.0)
      rack (>= 1.1, < 2.0)
    rack (1.5.2)
    rack-google-analytics (0.12.0)
    rack-protection (1.3.2)
      rack
    rack-test (0.6.2)
      rack (>= 1.0)
    redis (3.0.4)
    redis-namespace (1.3.1)
      redis (~> 3.0.0)
    simple-random (0.9.3)
    sinatra (1.3.4)
      rack (~> 1.4)
      rack-protection (~> 1.3)
      tilt (~> 1.3, >= 1.3.3)
    sinatra-contrib (1.3.2)
      backports (>= 2.0)
      eventmachine
      rack-protection
      rack-test
      sinatra (~> 1.3.0)
      tilt (~> 1.3)
    sinatra-reloader (1.0)
      sinatra-contrib
    sinatra-support (1.2.2)
      sinatra (>= 1.0)
    tilt (1.3.3)

PLATFORMS
  ruby

DEPENDENCIES
  haml
  hominid
  puma
  rack-google-analytics
  sinatra
  sinatra-contrib
  sinatra-reloader
  sinatra-support
  split!
